PATH
  remote: .
  specs:
    talktome (0.1.0)
      mail (~> 2, >= 2.6.6)
      mustache (~> 1, >= 1.0.5)
      path (~> 1.3)
      redcarpet (~> 3, >= 3.4)

GEM
  remote: https://rubygems.org/
  specs:
    diff-lcs (1.3)
    mail (2.7.0)
      mini_mime (>= 0.1.1)
    mini_mime (1.0.0)
    mustache (1.0.5)
    path (1.3.3)
    rake (10.5.0)
    redcarpet (3.4.0)
    rspec (3.6.0)
      rspec-core (~> 3.6.0)
      rspec-expectations (~> 3.6.0)
      rspec-mocks (~> 3.6.0)
    rspec-core (3.6.0)
      rspec-support (~> 3.6.0)
    rspec-expectations (3.6.0)
      diff-lcs (>= 1.2.0, < 2.0)
      rspec-support (~> 3.6.0)
    rspec-mocks (3.6.0)
      diff-lcs (>= 1.2.0, < 2.0)
      rspec-support (~> 3.6.0)
    rspec-support (3.6.0)

PLATFORMS
  ruby

DEPENDENCIES
  rake (~> 10)
  rspec (~> 3.6)
  talktome!

BUNDLED WITH
   1.16.0
